GEM
  remote: http://rubygems.org/
  specs:
    fakefs (0.2.1)
    gash (0.1.3)
      open4 (>= 0, = 0.9.6)
    grancher (0.1.5)
      gash
    json (1.4.6)
    open4 (0.9.6)
    rake (0.8.7)
    rcov (0.9.9)
    rdoc (2.4.3)
    sdoc (0.2.20)
      json (>= 1.1.3)
      rdoc (= 2.4.3)

PLATFORMS
  ruby

DEPENDENCIES
  fakefs
  grancher
  rake (>= 0.8.7)
  rcov (>= 0.9.8)
  rdoc (>= 2.4.3)
  sdoc (>= 0.2.20)
